GEM
  remote: https://rubygems.org/
  specs:
    builder (3.2.4)
    openssl (3.0.0)

PLATFORMS
  x86_64-linux

DEPENDENCIES
  builder
  openssl

BUNDLED WITH
   2.2.22
